PATH
  remote: .
  specs:
    roy (0.3.0)
      rack

GEM
  remote: http://rubygems.org/
  specs:
    minitest (2.6.1)
    rack (1.3.4)
    rack-test (0.6.1)
      rack (>= 1.0)
    tilt (1.3.3)

PLATFORMS
  ruby

DEPENDENCIES
  minitest
  rack-test
  roy!
  tilt
